GEM
  remote: https://rubygems.org/
  specs:
    aws-sdk (2.6.14)
      aws-sdk-resources (= 2.6.14)
    aws-sdk-core (2.6.14)
      jmespath (~> 1.0)
    aws-sdk-resources (2.6.14)
      aws-sdk-core (= 2.6.14)
    colored (1.2)
    configure-s3-website (1.7.5)
      aws-sdk (~> 2)
      deep_merge (~> 1.0.0)
    deep_merge (1.0.1)
    dotenv (1.0.2)
    jmespath (1.3.1)
    rake (11.3.0)
    s3_website (2.15.1)
      colored (= 1.2)
      configure-s3-website (= 1.7.5)
      dotenv (~> 1.0)
      thor (~> 0.18)
    thor (0.19.1)

PLATFORMS
  ruby

DEPENDENCIES
  rake
  s3_website (= 2.15.1)

RUBY VERSION
   ruby 2.3.1p112

BUNDLED WITH
   1.13.6
